PATH
  remote: .
  specs:
    sorbet-rspec (0.1.0)
      rspec (~> 3.0)
      sorbet-runtime
      tapioca (>= 0.16)

GEM
  remote: https://rubygems.org/
  specs:
    diff-lcs (1.5.1)
    erubi (1.13.0)
    netrc (0.11.0)
    parallel (1.26.3)
    prism (1.0.0)
    rbi (0.2.0)
      prism (~> 1.0)
      sorbet-runtime (>= 0.5.9204)
    rspec (3.13.0)
      rspec-core (~> 3.13.0)
      rspec-expectations (~> 3.13.0)
      rspec-mocks (~> 3.13.0)
    rspec-core (3.13.0)
      rspec-support (~> 3.13.0)
    rspec-expectations (3.13.2)
      diff-lcs (>= 1.2.0, < 2.0)
      rspec-support (~> 3.13.0)
    rspec-mocks (3.13.1)
      diff-lcs (>= 1.2.0, < 2.0)
      rspec-support (~> 3.13.0)
    rspec-sorbet (1.9.2)
      sorbet-runtime
    rspec-support (3.13.1)
    rufo (0.18.0)
    sorbet (0.5.11553)
      sorbet-static (= 0.5.11553)
    sorbet-runtime (0.5.11553)
    sorbet-static (0.5.11553-aarch64-linux)
    sorbet-static (0.5.11553-universal-darwin)
    sorbet-static (0.5.11553-x86_64-linux)
    sorbet-static-and-runtime (0.5.11553)
      sorbet (= 0.5.11553)
      sorbet-runtime (= 0.5.11553)
    spoom (1.4.2)
      erubi (>= 1.10.0)
      prism (>= 0.28.0)
      sorbet-static-and-runtime (>= 0.5.10187)
      thor (>= 0.19.2)
    tapioca (0.16.2)
      bundler (>= 2.2.25)
      netrc (>= 0.11.0)
      parallel (>= 1.21.0)
      rbi (~> 0.2)
      sorbet-static-and-runtime (>= 0.5.11087)
      spoom (>= 1.2.0)
      thor (>= 1.2.0)
      yard-sorbet
    thor (1.3.2)
    yard (0.9.36)
    yard-sorbet (0.9.0)
      sorbet-runtime
      yard

PLATFORMS
  aarch64-linux
  universal-darwin
  x86_64-linux

DEPENDENCIES
  rspec-sorbet
  rufo
  sorbet
  sorbet-rspec!

BUNDLED WITH
   2.5.10
